PATH
  remote: .
  specs:
    tailor (1.3.1)
      log_switch (>= 0.3.0)
      nokogiri (>= 1.6.0)
      term-ansicolor (>= 1.0.5)
      text-table (>= 1.2.2)

GEM
  remote: https://rubygems.org/
  specs:
    aruba (0.5.4)
      childprocess (>= 0.3.6)
      cucumber (>= 1.1.1)
      rspec-expectations (>= 2.7.0)
    builder (3.2.2)
    childprocess (0.4.0)
      ffi (~> 1.0, >= 1.0.11)
    cucumber (1.3.10)
      builder (>= 2.1.2)
      diff-lcs (>= 1.1.3)
      gherkin (~> 2.12)
      multi_json (>= 1.7.5, < 2.0)
      multi_test (>= 0.0.2)
    diff-lcs (1.2.5)
    docile (1.1.2)
    fakefs (0.5.0)
    ffi (1.9.3)
    gherkin (2.12.2)
      multi_json (~> 1.3)
    log_switch (0.4.0)
    mini_portile (0.5.2)
    multi_json (1.8.4)
    multi_test (0.0.3)
    nokogiri (1.6.1)
      mini_portile (~> 0.5.0)
    rake (10.1.1)
    rspec (2.14.1)
      rspec-core (~> 2.14.0)
      rspec-expectations (~> 2.14.0)
      rspec-mocks (~> 2.14.0)
    rspec-core (2.14.7)
    rspec-expectations (2.14.4)
      diff-lcs (>= 1.1.3, < 2.0)
    rspec-mocks (2.14.4)
    simplecov (0.8.2)
      docile (~> 1.1.0)
      multi_json
      simplecov-html (~> 0.8.0)
    simplecov-html (0.8.0)
    term-ansicolor (1.2.2)
      tins (~> 0.8)
    text-table (1.2.3)
    tins (0.13.1)
    yard (0.8.7.3)

PLATFORMS
  ruby

DEPENDENCIES
  aruba
  bundler
  cucumber (>= 1.0.2)
  fakefs (>= 0.4.2)
  rake
  rspec (>= 2.5.0)
  simplecov (>= 0.4.0)
  tailor!
  yard (>= 0.7.0)
